GEM
  remote: https://rubygems.org/
  specs:
    smarter_csv (1.7.1)
    terminal-table (3.0.2)
      unicode-display_width (>= 1.1.1, < 3)
    thor (1.2.1)
    unicode-display_width (2.2.0)

PLATFORMS
  x86_64-darwin-18

DEPENDENCIES
  smarter_csv (~> 1.7, >= 1.7.1)
  terminal-table (~> 3.0, >= 3.0.2)
  thor (~> 1.2, >= 1.2.1)

RUBY VERSION
   ruby 2.7.4p191

BUNDLED WITH
   2.2.26
